PATH
  remote: .
  specs:
    btce (0.0.1)
      net-http-persistent

GEM
  remote: https://rubygems.org/
  specs:
    diff-lcs (1.2.4)
    net-http-persistent (2.9)
    rspec (2.13.0)
      rspec-core (~> 2.13.0)
      rspec-expectations (~> 2.13.0)
      rspec-mocks (~> 2.13.0)
    rspec-core (2.13.1)
    rspec-expectations (2.13.0)
      diff-lcs (>= 1.1.3, < 2.0)
    rspec-mocks (2.13.1)
    yard (0.8.6.1)

PLATFORMS
  ruby

DEPENDENCIES
  btce!
  rspec
  yard
